PATH
  remote: .
  specs:
    pinter (0.0.1)
      hashie (>= 1.0.0)
      httparty (>= 0.7.7)

GEM
  remote: http://rubygems.org/
  specs:
    crack (0.1.8)
    hashie (1.0.0)
    httparty (0.7.7)
      crack (= 0.1.8)

PLATFORMS
  ruby

DEPENDENCIES
  bundler (>= 1.0.0.rc.6)
  pinter!
